GIT
  remote: https://github.com/opscode/chef
  revision: 9bbc717a91f6ed5422912fe39bff9f0dfbf5a75a
  specs:
    chef (0.10.9)
      bunny (>= 0.6.0)
      erubis
      highline
      json (>= 1.4.4, <= 1.6.1)
      mixlib-authentication (>= 1.1.0)
      mixlib-cli (>= 1.1.0)
      mixlib-config (>= 1.1.2)
      mixlib-log (>= 1.3.0)
      mixlib-shellout (~> 1.0.0.rc)
      moneta
      net-ssh (~> 2.2.2)
      net-ssh-multi (~> 1.1.0)
      ohai (>= 0.6.0)
      rest-client (>= 1.0.4, < 1.7.0)
      treetop (~> 1.4.9)
      uuidtools

GIT
  remote: https://github.com/zentoo/vagrant
  revision: c6779581258ddda3c18f4b887807452d65e4a1c1
  specs:
    vagrant (0.9.99.2)
      archive-tar-minitar (= 0.5.2)
      childprocess (~> 0.3.1)
      erubis (~> 2.7.0)
      i18n (~> 0.6.0)
      json (~> 1.5.1)
      log4r (~> 1.1.9)
      net-scp (~> 1.0.4)
      net-ssh (~> 2.2.2)

GEM
  remote: http://rubygems.org/
  specs:
    archive-tar-minitar (0.5.2)
    bunny (0.7.9)
    childprocess (0.3.1)
      ffi (~> 1.0.6)
    erubis (2.7.0)
    ffi (1.0.11)
    highline (1.6.11)
    i18n (0.6.0)
    json (1.5.4)
    log4r (1.1.10)
    mime-types (1.17.2)
    mixlib-authentication (1.1.4)
      mixlib-log
    mixlib-cli (1.2.2)
    mixlib-config (1.1.2)
    mixlib-log (1.3.0)
    mixlib-shellout (1.0.0)
    moneta (0.6.0)
    net-scp (1.0.4)
      net-ssh (>= 1.99.1)
    net-ssh (2.2.2)
    net-ssh-gateway (1.1.0)
      net-ssh (>= 1.99.1)
    net-ssh-multi (1.1)
      net-ssh (>= 2.1.4)
      net-ssh-gateway (>= 0.99.0)
    ohai (0.6.10)
      mixlib-cli
      mixlib-config
      mixlib-log
      systemu (~> 2.2.0)
      yajl-ruby
    polyglot (0.3.3)
    rake (0.9.2.2)
    rest-client (1.6.7)
      mime-types (>= 1.16)
    systemu (2.2.0)
    treetop (1.4.10)
      polyglot
      polyglot (>= 0.3.1)
    uuidtools (2.1.2)
    yajl-ruby (1.1.0)

PLATFORMS
  ruby

DEPENDENCIES
  chef!
  highline
  rake
  vagrant!
