GIT
  remote: git://github.com/zenops/knife-dsl.git
  revision: b225849a8c70601d806bedd77659882a8bfa4bd9
  specs:
    knife-dsl (0.1.0)
      chef

GIT
  remote: git://github.com/zenops/mixlib-shellout.git
  revision: 263a9f32eed9e573fb5587343b3d2a7b160db421
  specs:
    mixlib-shellout (1.2.0)

GIT
  remote: git://github.com/zenops/test-kitchen.git
  revision: cce3e9410e436e00737fc6ad1197e65edf3ed4d6
  specs:
    test-kitchen (1.0.0.dev)
      celluloid (~> 0.15)
      mixlib-shellout (~> 1.2)
      net-scp (~> 1.1)
      net-ssh (~> 2.7)
      pry (~> 0.9)
      safe_yaml (~> 0.9)
      thor (~> 0.18)

GEM
  remote: https://rubygems.org/
  specs:
    activesupport (4.0.1)
      i18n (~> 0.6, >= 0.6.4)
      minitest (~> 4.2)
      multi_json (~> 1.3)
      thread_safe (~> 0.1)
      tzinfo (~> 0.3.37)
    atomic (1.1.14)
    atomic (1.1.14-java)
    awesome_print (1.2.0)
    bond (0.4.3)
    bond (0.4.3-java)
    brice (0.2.8)
      ruby-nuggets (>= 0.5.2)
    celluloid (0.15.2)
      timers (~> 1.1.0)
    chef (11.8.0)
      chef-zero (~> 1.6, >= 1.6.2)
      diff-lcs (~> 1.2, >= 1.2.4)
      erubis (~> 2.7)
      highline (~> 1.6, >= 1.6.9)
      json (>= 1.4.4, <= 1.7.7)
      mime-types (~> 1.16)
      mixlib-authentication (~> 1.3)
      mixlib-cli (~> 1.3)
      mixlib-config (~> 2.0)
      mixlib-log (~> 1.3)
      mixlib-shellout (~> 1.2)
      net-ssh (~> 2.6)
      net-ssh-multi (~> 1.1.0)
      ohai (~> 6.0)
      pry (~> 0.9)
      puma (~> 1.6)
      rest-client (>= 1.0.4, < 1.7.0)
      yajl-ruby (~> 1.1)
    chef-zero (1.7.1)
      hashie (~> 2.0)
      json
      mixlib-log (~> 1.3)
      moneta (< 0.7.0)
      rack
    coderay (1.1.0)
    diff-lcs (1.2.5)
    erubis (2.7.0)
    ffi (1.9.3-java)
    foodcritic (3.0.3)
      erubis
      gherkin (~> 2.11.7)
      nokogiri (~> 1.5.4)
      rake
      treetop (~> 1.4.10)
      yajl-ruby (~> 1.1.0)
    gherkin (2.11.8)
      multi_json (~> 1.3)
    gherkin (2.11.8-java)
      multi_json (~> 1.3)
    hashie (2.0.5)
    hetzner-api (1.1.0)
      httparty (~> 0.10.0)
      json
      thor
      xml-simple
    highline (1.6.20)
    httparty (0.10.2)
      multi_json (~> 1.0)
      multi_xml (>= 0.5.2)
    i18n (0.6.5)
    ipaddress (0.8.0)
    json (1.7.7)
    json (1.7.7-java)
    kitchen-vagrant (0.11.3)
      test-kitchen (~> 1.0.0.beta)
    method_source (0.8.2)
    mime-types (1.25)
    minitest (4.7.5)
    mixlib-authentication (1.3.0)
      mixlib-log
    mixlib-cli (1.3.0)
    mixlib-config (2.0.0)
    mixlib-log (1.6.0)
    moneta (0.6.0)
    multi_json (1.8.2)
    multi_xml (0.5.5)
    net-scp (1.1.2)
      net-ssh (>= 2.6.5)
    net-ssh (2.7.0)
    net-ssh-gateway (1.2.0)
      net-ssh (>= 2.6.5)
    net-ssh-multi (1.1)
      net-ssh (>= 2.1.4)
      net-ssh-gateway (>= 0.99.0)
    nokogiri (1.5.10)
    nokogiri (1.5.10-java)
    ohai (6.20.0)
      ipaddress
      mixlib-cli
      mixlib-config
      mixlib-log
      mixlib-shellout
      systemu (~> 2.5.2)
      yajl-ruby
    polyglot (0.3.3)
    pry (0.9.12.3)
      coderay (~> 1.0)
      method_source (~> 0.8)
      slop (~> 3.4)
    pry (0.9.12.3-java)
      coderay (~> 1.0)
      method_source (~> 0.8)
      slop (~> 3.4)
      spoon (~> 0.0)
    puma (1.6.3)
      rack (~> 1.2)
    puma (1.6.3-java)
      rack (~> 1.2)
    rack (1.5.2)
    rake (10.1.0)
    rest-client (1.6.7)
      mime-types (>= 1.16)
    ripl (0.7.0)
      bond (~> 0.4.2)
    ruby-nuggets (0.9.5)
    rvm (1.11.3.8)
    safe_yaml (0.9.7)
    slop (3.4.7)
    spoon (0.0.4)
      ffi
    systemu (2.5.2)
    thor (0.18.1)
    thread_safe (0.1.3)
      atomic
    thread_safe (0.1.3-java)
      atomic
    timers (1.1.0)
    treetop (1.4.15)
      polyglot
      polyglot (>= 0.3.1)
    tzinfo (0.3.38)
    xml-simple (1.1.2)
    yajl-ruby (1.1.0)

PLATFORMS
  java
  ruby

DEPENDENCIES
  activesupport
  awesome_print
  brice
  chef (~> 11)
  foodcritic
  hetzner-api
  highline
  httparty
  kitchen-vagrant
  knife-dsl!
  mixlib-shellout!
  rake
  ripl
  rvm
  test-kitchen!
